GEM
  remote: https://rubygems.org/
  specs:
    addressable (2.3.5)
    dotenv (0.9.0)
    excon (0.25.3)
    foreman (0.63.0)
      dotenv (>= 0.7)
      thor (>= 0.13.6)
    heroku (3.0.1)
      heroku-api (~> 0.3.7)
      launchy (>= 0.3.2)
      netrc (~> 0.7.7)
      rest-client (~> 1.6.1)
      rubyzip
    heroku-api (0.3.15)
      excon (~> 0.25.1)
    kgio (2.8.1)
    launchy (2.3.0)
      addressable (~> 2.3)
    mime-types (2.0)
    netrc (0.7.7)
    pg (0.17.0)
    pg_json (0.1.29)
    rack (1.5.2)
    rack-protection (1.5.1)
      rack
    raindrops (0.12.0)
    rest-client (1.6.7)
      mime-types (>= 1.16)
    rubyzip (1.1.0)
    scrolls (0.3.8)
    sequel (4.4.0)
    sequel_pg (1.6.8)
      pg (>= 0.8.0)
      sequel (>= 3.39.0)
    sinatra (1.4.4)
      rack (~> 1.4)
      rack-protection (~> 1.4)
      tilt (~> 1.3, >= 1.3.4)
    thor (0.18.1)
    tilt (1.4.1)
    unicorn (4.7.0)
      kgio (~> 2.6)
      rack
      raindrops (~> 0.7)

PLATFORMS
  ruby

DEPENDENCIES
  foreman
  heroku
  pg
  pg_json
  scrolls
  sequel
  sequel_pg
  sinatra
  unicorn
